GEM
  remote: https://rubygems.org/
  specs:
    builder (3.0.0)
    nokogiri (1.5.0)

PLATFORMS
  ruby

DEPENDENCIES
  builder
  nokogiri
